GIT
  remote: https://github.com/cloudfoundry/steno.git
  revision: d88c70767c43a5eff32ccb47e3bb561b981e62e8
  specs:
    steno (1.1.0)
      fluent-logger
      grape
      yajl-ruby (~> 1.0)

GIT
  remote: https://github.com/cloudfoundry/vcap-common.git
  revision: f7653c1140e6818fca6dd9a7591c2e3dc8d2e24b
  specs:
    vcap_common (2.0.11)
      em-http-request (~> 1.0)
      eventmachine
      httpclient
      membrane (~> 0.0.2)
      mime-types
      multipart-post
      nats (~> 0.4.24)
      posix-spawn (~> 0.3.6)
      thin
      vmstat (~> 2.0)
      yajl-ruby

GIT
  remote: https://github.com/cloudfoundry/warden.git
  revision: 609bbdfa0ea796ff0c140e937d475fa8081388fb
  specs:
    em-warden-client (0.1.1)
      eventmachine
      warden-client
      warden-protocol (>= 0.0.9)
    warden-client (0.1.0)
      warden-protocol (~> 0.1.0)
    warden-protocol (0.1.3)
      beefcake

GIT
  remote: https://github.com/intridea/grape.git
  revision: 1029e0fce76b2957b1a4c1a0c3a89897046ef3d8
  specs:
    grape (0.4.2)
      activesupport
      builder
      hashie (>= 1.2.0)
      multi_json (>= 1.3.2)
      multi_xml (>= 0.5.2)
      rack (>= 1.3.0)
      rack-accept
      rack-mount
      virtus

GEM
  remote: https://rubygems.org/
  specs:
    activesupport (3.2.13)
      i18n (= 0.6.1)
      multi_json (~> 1.0)
    addressable (2.3.4)
    backports (3.3.1)
    beefcake (0.3.7)
    builder (3.0.0)
    columnize (0.3.6)
    cookiejar (0.3.0)
    daemons (1.1.9)
    debugger (1.6.3)
      columnize (>= 0.3.1)
      debugger-linecache (~> 1.2.0)
      debugger-ruby_core_source (~> 1.2.4)
    debugger-linecache (1.2.0)
    debugger-ruby_core_source (1.2.4)
    descendants_tracker (0.0.1)
    em-http-request (1.0.3)
      addressable (>= 2.2.3)
      cookiejar
      em-socksify
      eventmachine (>= 1.0.0.beta.4)
      http_parser.rb (>= 0.5.3)
    em-socksify (0.2.1)
      eventmachine (>= 1.0.0.beta.4)
    eventmachine (1.0.3)
    fluent-logger (0.4.5)
      msgpack (= 0.4.7)
      yajl-ruby (~> 1.0)
    hashie (2.0.5)
    http_parser.rb (0.5.3)
    httpclient (2.3.3)
    i18n (0.6.1)
    json_pure (1.8.0)
    membrane (0.0.2)
    mime-types (1.23)
    msgpack (0.4.7)
    multi_json (1.7.6)
    multi_xml (0.5.4)
    multipart-post (1.2.0)
    nats (0.4.26)
      daemons (>= 1.1.5)
      eventmachine (>= 0.12.10)
      json_pure (>= 1.7.3)
      thin (>= 1.4.1)
    posix-spawn (0.3.6)
    rack (1.5.2)
    rack-accept (0.4.5)
      rack (>= 0.4)
    rack-mount (0.8.3)
      rack (>= 1.0.0)
    rake (10.0.3)
    thin (1.5.1)
      daemons (>= 1.0.9)
      eventmachine (>= 0.12.6)
      rack (>= 1.0.0)
    uuidtools (2.1.3)
    virtus (0.5.5)
      backports (~> 3.3)
      descendants_tracker (~> 0.0.1)
    vmstat (2.0.0)
    yajl-ruby (1.1.0)

PLATFORMS
  ruby

DEPENDENCIES
  debugger
  em-http-request
  em-warden-client!
  eventmachine
  grape!
  nats
  rack
  rake
  steno (~> 1.1.0)!
  thin
  uuidtools (~> 2.1.2)
  vcap_common!
  vmstat
  warden-client!
  warden-protocol!
  yajl-ruby
